GIT
  remote: git://github.com/pasosdeJesus/sivel2_gen.git
  revision: e237a4ece1f7c7eccae3bbc169aedaeffb7f32e3
  specs:
    sivel2_gen (2.0.a2)
      devise
      rails

GIT
  remote: git://github.com/pasosdeJesus/sivel2_sjr.git
  revision: 9fdb400d96fec66b2463de99e72d963a61839df1
  specs:
    sivel2_sjr (2.0.a2)
      rails

GIT
  remote: git://github.com/vtamara/cocoon.git
  revision: 836a331276ea1452d63325a6662483b9f1cb28be
  specs:
    cocoon (1.2.5)

GIT
  remote: https://github.com/kristianmandrup/jquery-ui-bootstrap-rails
  revision: 944cf4164ea511a2977f91031cc7f69d3e06e6cb
  specs:
    jquery-ui-bootstrap-rails (0.1.1)
      rails

GEM
  remote: https://rubygems.org/
  specs:
    actionmailer (4.2.0.beta2)
      actionpack (= 4.2.0.beta2)
      actionview (= 4.2.0.beta2)
      activejob (= 4.2.0.beta2)
      mail (~> 2.5, >= 2.5.4)
      rails-dom-testing (~> 1.0, >= 1.0.3)
    actionpack (4.2.0.beta2)
      actionview (= 4.2.0.beta2)
      activesupport (= 4.2.0.beta2)
      rack (~> 1.6.0.beta)
      rack-test (~> 0.6.2)
      rails-dom-testing (~> 1.0, >= 1.0.3)
      rails-html-sanitizer (~> 1.0, >= 1.0.1)
    actionview (4.2.0.beta2)
      activesupport (= 4.2.0.beta2)
      builder (~> 3.1)
      erubis (~> 2.7.0)
      rails-dom-testing (~> 1.0, >= 1.0.3)
      rails-html-sanitizer (~> 1.0, >= 1.0.1)
    activejob (4.2.0.beta2)
      activesupport (= 4.2.0.beta2)
      globalid (>= 0.3.0)
    activemodel (4.2.0.beta2)
      activesupport (= 4.2.0.beta2)
      builder (~> 3.1)
    activerecord (4.2.0.beta2)
      activemodel (= 4.2.0.beta2)
      activesupport (= 4.2.0.beta2)
      arel (>= 6.0.0.beta1, < 6.1)
    activesupport (4.2.0.beta2)
      i18n (>= 0.7.0.beta1, < 0.8)
      json (~> 1.7, >= 1.7.7)
      minitest (~> 5.1)
      thread_safe (~> 0.1)
      tzinfo (~> 1.1)
    addressable (2.3.6)
    arel (6.0.0.beta1)
    bcrypt (3.1.7)
    bootstrap-datepicker-rails (1.3.0.2)
      railties (>= 3.0)
    bootstrap-sass (3.2.0.2)
      sass (~> 3.2)
    builder (3.2.2)
    camertron-eprun (1.1.0)
    cancan (1.6.10)
    capybara (2.4.3)
      mime-types (>= 1.16)
      nokogiri (>= 1.3.3)
      rack (>= 1.0.0)
      rack-test (>= 0.5.4)
      xpath (~> 2.0)
    capybara-webkit (1.3.0)
      capybara (>= 2.0.2, < 2.5.0)
      json
    celluloid (0.16.0)
      timers (~> 4.0.0)
    childprocess (0.5.5)
      ffi (~> 1.0, >= 1.0.11)
    cldr-plurals-runtime-rb (1.0.0)
    climate_control (0.0.3)
      activesupport (>= 3.0)
    cocaine (0.5.4)
      climate_control (>= 0.0.3, < 1.0)
    codeclimate-test-reporter (0.4.1)
      simplecov (>= 0.7.1, < 1.0.0)
    coderay (1.1.0)
    coffee-rails (4.0.1)
      coffee-script (>= 2.2.0)
      railties (>= 4.0.0, < 5.0)
    coffee-script (2.3.0)
      coffee-script-source
      execjs
    coffee-script-source (1.8.0)
    devise (3.4.0)
      bcrypt (~> 3.0)
      orm_adapter (~> 0.1)
      railties (>= 3.2.6, < 5)
      responders
      thread_safe (~> 0.1)
      warden (~> 1.2.3)
    devise-i18n (0.11.2)
    diff-lcs (1.2.5)
    docile (1.1.5)
    dotenv (0.11.1)
      dotenv-deployment (~> 0.0.2)
    dotenv-deployment (0.0.2)
    erubis (2.7.0)
    execjs (2.2.1)
    factory_girl (4.4.0)
      activesupport (>= 3.0.0)
    factory_girl_rails (4.4.1)
      factory_girl (~> 4.4.0)
      railties (>= 3.0.0)
    ffi (1.9.6)
    foreman (0.75.0)
      dotenv (~> 0.11.1)
      thor (~> 0.19.1)
    formatador (0.2.5)
    globalid (0.3.0)
      activesupport (>= 4.1.0)
    guard (2.6.1)
      formatador (>= 0.2.4)
      listen (~> 2.7)
      lumberjack (~> 1.0)
      pry (>= 0.9.12)
      thor (>= 0.18.1)
    guard-rspec (4.3.1)
      guard (~> 2.1)
      rspec (>= 2.14, < 4.0)
    guard-spork (1.5.1)
      childprocess (>= 0.2.3)
      guard (>= 1.1)
      spork (>= 0.8.4)
    hike (1.2.3)
    hitimes (1.2.2)
    i18n (0.7.0.beta1)
    jbuilder (2.2.2)
      activesupport (>= 3.0.0, < 5)
      multi_json (~> 1.2)
    jquery-rails (3.1.2)
      railties (>= 3.0, < 5.0)
      thor (>= 0.14, < 2.0)
    jquery-ui-rails (5.0.1)
      railties (>= 3.2.16)
    json (1.8.1)
    kgio (2.9.2)
    launchy (2.4.2)
      addressable (~> 2.3)
    listen (2.7.11)
      celluloid (>= 0.15.2)
      rb-fsevent (>= 0.9.3)
      rb-inotify (>= 0.9)
    loofah (2.0.1)
      nokogiri (>= 1.5.9)
    lumberjack (1.0.9)
    mail (2.6.1)
      mime-types (>= 1.16, < 3)
    method_source (0.8.2)
    mime-types (2.4.1)
    mini_portile (0.6.0)
    minitest (5.4.2)
    multi_json (1.10.1)
    newrelic_rpm (3.9.5.251)
    nokogiri (1.6.3.1)
      mini_portile (= 0.6.0)
    orm_adapter (0.5.0)
    paperclip (4.2.0)
      activemodel (>= 3.0.0)
      activesupport (>= 3.0.0)
      cocaine (~> 0.5.3)
      mime-types
    pg (0.17.1)
    pry (0.10.1)
      coderay (~> 1.1.0)
      method_source (~> 0.8.1)
      slop (~> 3.4)
    rack (1.6.0.beta)
    rack-test (0.6.2)
      rack (>= 1.0)
    rails (4.2.0.beta2)
      actionmailer (= 4.2.0.beta2)
      actionpack (= 4.2.0.beta2)
      actionview (= 4.2.0.beta2)
      activejob (= 4.2.0.beta2)
      activemodel (= 4.2.0.beta2)
      activerecord (= 4.2.0.beta2)
      activesupport (= 4.2.0.beta2)
      bundler (>= 1.3.0, < 2.0)
      railties (= 4.2.0.beta2)
      sprockets-rails (~> 3.0.0.beta1)
    rails-deprecated_sanitizer (1.0.3)
      activesupport (>= 4.2.0.alpha)
    rails-dom-testing (1.0.3)
      activesupport
      nokogiri (~> 1.6.0)
      rails-deprecated_sanitizer (>= 1.0.1)
    rails-html-sanitizer (1.0.1)
      loofah (~> 2.0)
    rails-i18n (4.0.3)
      i18n (~> 0.6)
      railties (~> 4.0)
    rails_12factor (0.0.2)
      rails_serve_static_assets
      rails_stdout_logging
    rails_serve_static_assets (0.0.2)
    rails_stdout_logging (0.0.3)
    railties (4.2.0.beta2)
      actionpack (= 4.2.0.beta2)
      activesupport (= 4.2.0.beta2)
      rake (>= 0.8.7)
      thor (>= 0.18.1, < 2.0)
    raindrops (0.13.0)
    rake (10.3.2)
    rb-fsevent (0.9.4)
    rb-inotify (0.9.5)
      ffi (>= 0.5.0)
    rdoc (4.1.2)
      json (~> 1.4)
    responders (2.0.0)
      railties (>= 4.2.0.alpha, < 5)
    rspec (3.1.0)
      rspec-core (~> 3.1.0)
      rspec-expectations (~> 3.1.0)
      rspec-mocks (~> 3.1.0)
    rspec-core (3.1.7)
      rspec-support (~> 3.1.0)
    rspec-expectations (3.1.2)
      diff-lcs (>= 1.2.0, < 2.0)
      rspec-support (~> 3.1.0)
    rspec-mocks (3.1.3)
      rspec-support (~> 3.1.0)
    rspec-rails (3.1.0)
      actionpack (>= 3.0)
      activesupport (>= 3.0)
      railties (>= 3.0)
      rspec-core (~> 3.1.0)
      rspec-expectations (~> 3.1.0)
      rspec-mocks (~> 3.1.0)
      rspec-support (~> 3.1.0)
    rspec-support (3.1.2)
    sass (3.4.5)
    sdoc (0.4.1)
      json (~> 1.7, >= 1.7.7)
      rdoc (~> 4.0)
    simple_form (3.0.2)
      actionpack (~> 4.0)
      activemodel (~> 4.0)
    simplecov (0.9.1)
      docile (~> 1.1.0)
      multi_json (~> 1.0)
      simplecov-html (~> 0.8.0)
    simplecov-html (0.8.0)
    slop (3.6.0)
    spork (1.0.0rc4)
    spring (1.1.3)
    spring-commands-rspec (1.0.2)
      spring (>= 0.9.1)
    sprockets (2.12.2)
      hike (~> 1.2)
      multi_json (~> 1.0)
      rack (~> 1.0)
      tilt (~> 1.1, != 1.3.0)
    sprockets-rails (3.0.0.beta1)
      actionpack (>= 4.0)
      activesupport (>= 4.0)
      sprockets (~> 2.8)
    thor (0.19.1)
    thread_safe (0.3.4)
    tilt (1.4.1)
    timers (4.0.1)
      hitimes
    turbolinks (2.4.0)
      coffee-rails
    twitter-bootstrap-rails (2.2.8)
      actionpack (>= 3.1)
      execjs
      rails (>= 3.1)
      railties (>= 3.1)
    twitter_cldr (3.1.0)
      camertron-eprun
      cldr-plurals-runtime-rb (~> 1.0.0)
      json
      tzinfo
    tzinfo (1.2.2)
      thread_safe (~> 0.1)
    tzinfo-data (1.2014.8)
      tzinfo (>= 1.0.0)
    uglifier (2.5.3)
      execjs (>= 0.3.0)
      json (>= 1.8.0)
    unicorn (4.8.3)
      kgio (~> 2.6)
      rack
      raindrops (~> 0.7)
    warden (1.2.3)
      rack (>= 1.0)
    will_paginate (3.0.7)
    xpath (2.0.0)
      nokogiri (~> 1.3)

PLATFORMS
  ruby

DEPENDENCIES
  bcrypt
  bootstrap-datepicker-rails
  bootstrap-sass
  cancan
  capybara
  capybara-webkit
  cocoon!
  codeclimate-test-reporter
  coffee-rails (~> 4.0.0)
  devise
  devise-i18n
  factory_girl_rails (~> 4.0)
  foreman
  guard-rspec
  guard-spork
  jbuilder
  jquery-rails
  jquery-ui-bootstrap-rails!
  jquery-ui-rails
  launchy
  newrelic_rpm
  paperclip (~> 4.1)
  pg
  rails (~> 4.2.0.beta2)
  rails-i18n
  rails_12factor
  rspec-rails
  sdoc
  simple_form
  sivel2_gen!
  sivel2_sjr!
  spork (~> 1.0rc)
  spring
  spring-commands-rspec
  turbolinks
  twitter-bootstrap-rails (= 2.2.8)
  twitter_cldr
  tzinfo
  tzinfo-data
  uglifier (>= 1.3.0)
  unicorn
  will_paginate
